GEM
  remote: https://rubygems.org/
  specs:
    colorize (0.8.1)
    diff-lcs (1.4.4)
    rspec (3.9.0)
      rspec-core (~> 3.9.0)
      rspec-expectations (~> 3.9.0)
      rspec-mocks (~> 3.9.0)
    rspec-core (3.9.2)
      rspec-support (~> 3.9.3)
    rspec-expectations (3.9.2)
      diff-lcs (>= 1.2.0, < 2.0)
      rspec-support (~> 3.9.0)
    rspec-mocks (3.9.1)
      diff-lcs (>= 1.2.0, < 2.0)
      rspec-support (~> 3.9.0)
    rspec-support (3.9.3)
    strscan (1.0.3)

PLATFORMS
  ruby

DEPENDENCIES
  colorize
  rspec
  strscan

BUNDLED WITH
   2.1.4
